GEM
  remote: http://rubygems.org/
  specs:
    archive-tar-minitar (0.5.2)
    childprocess (0.3.8)
      ffi (~> 1.0, >= 1.0.11)
    columnize (0.3.6)
    diff-lcs (1.1.3)
    ffi (1.4.0)
    file_utils (1.0.6)
    gemcutter (0.7.1)
    gemspec_deps_gen (1.0.5)
      file_utils
    jar_wrapper (0.1.7)
      zip
    linecache19 (0.5.13)
      ruby_core_source (>= 0.1.4)
    metaclass (0.0.1)
    mocha (0.13.2)
      metaclass (~> 0.0.1)
    multi_json (1.6.1)
    rake (10.0.3)
    rspec (2.12.0)
      rspec-core (~> 2.12.0)
      rspec-expectations (~> 2.12.0)
      rspec-mocks (~> 2.12.0)
    rspec-core (2.12.2)
    rspec-expectations (2.12.1)
      diff-lcs (~> 1.1.3)
    rspec-mocks (2.12.2)
    ruby-debug-base19x (0.11.30.pre10)
      columnize (>= 0.3.1)
      linecache19 (>= 0.5.11)
      rake (>= 0.8.1)
      ruby_core_source (>= 0.1.4)
    ruby-debug-ide (0.4.17.beta14)
      rake (>= 0.8.1)
    ruby_core_source (0.1.5)
      archive-tar-minitar (>= 0.5.2)
    rubyzip (0.9.9)
    selenium (0.2.9)
      jar_wrapper
    selenium-webdriver (2.30.0)
      childprocess (>= 0.2.5)
      multi_json (~> 1.0)
      rubyzip
      websocket (~> 1.0.4)
    watir-webdriver (0.6.2)
      selenium-webdriver (>= 2.18.0)
    websocket (1.0.7)
    zip (2.0.2)

PLATFORMS
  ruby

DEPENDENCIES
  gemcutter
  gemspec_deps_gen
  linecache19 (= 0.5.13)
  mocha
  rspec
  rspec-core
  rspec-expectations
  ruby-debug-base19x (= 0.11.30.pre10)
  ruby-debug-ide (= 0.4.17.beta14)
  selenium
  selenium-webdriver
  watir-webdriver
